GEM
  remote: http://rubygems.org/
  specs:
    activerecord (2.3.18)
      activesupport (= 2.3.18)
    activesupport (2.3.18)
    sqlite3 (1.3.7)

PLATFORMS
  ruby

DEPENDENCIES
  activerecord (~> 2.3.0)
  activesupport (~> 2.3.0)
  sqlite3
