GEM
  remote: http://rubygems.org/
  specs:
    activerecord (3.2.14)
    activesupport (2.3.18)
    sqlite3 (1.3.7)

PLATFORMS
  ruby

DEPENDENCIES
  activerecord (~> 3.2.14)
  activesupport (~> 2.3.0)
  sqlite3
